GEM
  remote: https://rubygems.org/
  specs:
    github-pages (67)
    jekyll (3.1.2)
    jekyll-gist (1.4.0)
    jekyll-paginate (1.1.0)
    kramdown (1.10.0)
    liquid (3.0.6)

PLATFORMS
  ruby

DEPENDENCIES
  github-pages
  jekyll
  jekyll-gist
  jekyll-paginate
  kramdown
  liquid

BUNDLED WITH
   1.11.2
