GEM
  remote: https://rubygems.org/
  specs:
    colorator (0.1)
    ffi (1.9.10)
    formatador (0.2.5)
    github-pages (67)
    guard (2.13.0)
    guard-rspec (4.6.4)
    jekyll (3.1.2)
    jekyll-gist (1.4.0)
    jekyll-paginate (1.1.0)
    jekyll-sass-converter (1.4.0)
    jekyll-watch (1.3.1)
    kramdown (1.10.0)
    liquid (3.0.6)
    listen (3.0.6)
    lumberjack (1.0.10)
    mercenary (0.3.5)
    nenv (0.3.0)
    notiffany (0.0.8)
    pry (0.10.3)
    rb-fsevent (0.9.7)
    rb-inotify (0.9.7)
    rouge (1.10.1)
    rspec (3.4.0)
    safe_yaml (1.0.4)
    sass (3.4.21)
    shellany (0.0.1)
    thor (0.19.1)

PLATFORMS
  ruby

DEPENDENCIES
  colorator
  formatador
  github-pages
  guard
  guard-rspec
  jekyll
  jekyll-gist
  jekyll-paginate
  jekyll-sass-converter
  jekyll-watch
  kramdown
  liquid
  listen
  lumberjack
  mercenary
  nenv
  notiffany
  pry
  rb-fsevent
  rb-inotify 
  rouge
  safe_yaml
  sass
  shellany
  thor

BUNDLED WITH
   1.11.2
