GEM
  remote: https://rubygems.org/
  specs:
    colorator (0.1)
    github-pages (67)
    jekyll (3.1.2)
    jekyll-gist (1.4.0)
    jekyll-paginate (1.1.0)
    jekyll-sass-converter (1.4.0)
    jekyll-watch (1.3.1)
    kramdown (1.10.0)
    liquid (3.0.6)
    listen (3.0.6)
    mercenary (0.3.5)
    rouge (1.10.1)
    safe_yaml (1.0.4)
    sass (3.4.21)

PLATFORMS
  ruby

DEPENDENCIES
  colorator
  github-pages
  jekyll
  jekyll-gist
  jekyll-paginate
  jekyll-sass-converter
  jekyll-watch
  kramdown
  liquid
  listen
  mercenary
  rouge
  safe_yaml
  sass

BUNDLED WITH
   1.11.2
